GEM
  remote: https://rubygems.org/
  specs:
    bson (4.2.0)
    concurrent-ruby (1.0.2)
    dry-configurable (0.4.0)
      concurrent-ruby (~> 1.0)
    dry-container (0.6.0)
      concurrent-ruby (~> 1.0)
      dry-configurable (~> 0.1, >= 0.1.3)
    dry-core (0.2.1)
      concurrent-ruby (~> 1.0)
    dry-equalizer (0.2.0)
    dry-logic (0.4.0)
      dry-container (~> 0.2, >= 0.2.6)
      dry-core (~> 0.1)
      dry-equalizer (~> 0.2)
    dry-struct (0.1.1)
      dry-configurable (~> 0.1)
      dry-equalizer (~> 0.2)
      dry-types (~> 0.9, >= 0.9.0)
      ice_nine (~> 0.11)
    dry-types (0.9.3)
      concurrent-ruby (~> 1.0)
      dry-configurable (~> 0.1)
      dry-container (~> 0.3)
      dry-core (~> 0.2, >= 0.2.1)
      dry-equalizer (~> 0.2)
      dry-logic (~> 0.4, >= 0.4.0)
      inflecto (~> 0.0.0, >= 0.0.2)
    google-protobuf (3.1.0)
    ice_nine (0.11.2)
    inflecto (0.0.2)
    mongo (2.4.0)
      bson (~> 4.2.0)
    rack (2.0.1)
    rack-app (5.6.0)
      rack

PLATFORMS
  ruby

DEPENDENCIES
  dry-struct
  google-protobuf
  mongo
  rack-app

BUNDLED WITH
   1.13.6
